GEM
  remote: https://rubygems.org/
  specs:
    chunky_png (1.3.7)
    fast-stemmer (1.0.2)
    gnuplot (2.6.2)
    gsl (2.1.0.1)
    minitest (5.9.0)
    narray (0.6.1.2)
    pca (0.4.0)
      rb-gsl
    rb-gsl (1.16.0.6)
      gsl
    stopwords-filter (0.3.1)

PLATFORMS
  ruby

DEPENDENCIES
  chunky_png
  fast-stemmer
  gnuplot
  minitest
  narray (~> 0.6)
  pca
  stopwords-filter

BUNDLED WITH
   1.12.5
